GEM
  remote: https://rubygems.org/
  specs:
    backports (3.6.6)
    coderay (1.1.0)
    kgio (2.10.0)
    method_source (0.8.2)
    multi_json (1.11.2)
    mysql2 (0.4.0)
    pry (0.10.1)
      coderay (~> 1.1.0)
      method_source (~> 0.8.1)
      slop (~> 3.4)
    pry-doc (0.8.0)
      pry (~> 0.9)
      yard (~> 0.8)
    rack (1.6.4)
    rack-protection (1.5.3)
      rack
    rack-test (0.6.3)
      rack (>= 1.0)
    raindrops (0.15.0)
    sinatra (1.4.6)
      rack (~> 1.4)
      rack-protection (~> 1.4)
      tilt (>= 1.3, < 3)
    sinatra-contrib (1.4.6)
      backports (>= 2.0)
      multi_json
      rack-protection
      rack-test
      sinatra (~> 1.4.0)
      tilt (>= 1.3, < 3)
    slop (3.6.0)
    tilt (2.0.1)
    unicorn (4.9.0)
      kgio (~> 2.6)
      rack
      raindrops (~> 0.7)
    yard (0.8.7.6)

PLATFORMS
  ruby

DEPENDENCIES
  mysql2
  pry
  pry-doc
  sinatra
  sinatra-contrib
  unicorn

BUNDLED WITH
   1.10.6
